GEM
  remote: https://rubygems.org/
  specs:
    ffi (1.9.6-java)
    ffi-compiler (0.1.3)
      ffi (>= 1.0.0)
      rake
    rack (1.5.2)
    rake (10.4.2)
    scrypt (2.0.0)
      ffi-compiler (>= 0.0.2)
      rake

PLATFORMS
  java

DEPENDENCIES
  rack
  scrypt (= 2.0.0)
